GEM
  remote: https://rubygems.org/
  specs:
    hoe (3.8.1)
      rake (>= 0.8, < 11.0)
    rake (10.1.1)

PLATFORMS
  ruby

DEPENDENCIES
  hoe
